GEM
  remote: https://rubygems.org/
  specs:
    bales (0.1.3)
    jekyll-page-boilerplate (4.4.1)
      bales (~> 0.1.3)
      stringex (~> 2.8, >= 2.8.5)
    stringex (2.8.5)

PLATFORMS
  x86_64-darwin-21
  x86_64-linux

DEPENDENCIES
  jekyll-page-boilerplate (~> 4.4, >= 4.4.1)

BUNDLED WITH
   2.2.14
